GIT
  remote: https://github.com/sinatra/sinatra.git
  revision: e69b6b9dee7165d3a583fc8a6af10ceee1ea687d
  specs:
    rack-protection (2.1.0)
      rack
    sinatra (2.1.0)
      mustermann (~> 1.0)
      rack (~> 2.2)
      rack-protection (= 2.1.0)
      tilt (~> 2.0)

GEM
  remote: https://rubygems.org/
  specs:
    activemodel (7.0.0)
      activesupport (= 7.0.0)
    activerecord (7.0.0)
      activemodel (= 7.0.0)
      activesupport (= 7.0.0)
    activesupport (7.0.0)
      concurrent-ruby (~> 1.0, >= 1.0.2)
      i18n (>= 1.6, < 2)
      minitest (>= 5.1)
      tzinfo (~> 2.0)
    concurrent-ruby (1.1.9)
    i18n (1.8.11)
      concurrent-ruby (~> 1.0)
    minitest (5.15.0)
    mustermann (1.1.1)
      ruby2_keywords (~> 0.0.1)
    rack (2.2.3)
    rake (13.0.6)
    ruby2_keywords (0.0.5)
    sinatra-activerecord (2.0.25)
      activerecord (>= 4.1)
      sinatra (>= 1.0)
    sqlite3 (1.4.2)
    tilt (2.0.10)
    tzinfo (2.0.4)
      concurrent-ruby (~> 1.0)

PLATFORMS
  x86_64-linux

DEPENDENCIES
  rake
  sinatra!
  sinatra-activerecord
  sqlite3

BUNDLED WITH
   2.3.4
